GEM
  remote: https://rubygems.org/
  specs:
    rack (1.6.2)
    rack-protection (1.5.5)
      rack
    sequel (4.21.0)
    sinatra (1.4.5)
      rack (~> 1.4)
      rack-protection (~> 1.5.5)
      tilt (~> 1.3, >= 1.3.4)
    sqlite3 (1.3.10)
    tilt (1.4.1)

PLATFORMS
  ruby

DEPENDENCIES
  sequel
  sinatra
  sqlite3
